GEM
  remote: http://rubygems.org/
  specs:
    daemons (1.1.9)
    eventmachine (1.0.3)
    ffi (1.0.9)
    i18n (0.6.4)
    json (1.6.1)
    mail (2.5.3)
      i18n (>= 0.4.0)
      mime-types (~> 1.16)
      treetop (~> 1.4.8)
    mime-types (1.23)
    mocha (0.9.12)
    oauth (0.4.4)
    polyglot (0.3.3)
    pony (1.3)
      mail (> 2.0)
    rack (1.3.4)
    rack-test (0.5.7)
      rack (>= 1.0)
    rake (0.8.7)
    riot (0.12.1)
      rr
      term-ansicolor
    rr (1.0.5)
    ruby-tokyotyrant (0.5.1)
    rufus-tokyo (1.0.7)
    shotgun (0.9)
      rack (>= 1.0)
    sinatra (1.2.6)
      rack (~> 1.1)
      tilt (>= 1.2.2, < 2.0)
    term-ansicolor (1.1.5)
    thin (1.5.1)
      daemons (>= 1.0.9)
      eventmachine (>= 0.12.6)
      rack (>= 1.0.0)
    tilt (1.4.0)
    treetop (1.4.12)
      polyglot
      polyglot (>= 0.3.1)
    warden (1.0.6)
      rack (>= 1.0)
    yui-compressor (0.9.3)

PLATFORMS
  ruby

DEPENDENCIES
  ffi (= 1.0.9)
  json (= 1.6.1)
  mocha (= 0.9.12)
  oauth (= 0.4.4)
  pony (= 1.3)
  rack (= 1.3.4)
  rack-test (= 0.5.7)
  rake (= 0.8.7)
  riot (= 0.12.1)
  ruby-tokyotyrant (= 0.5.1)
  rufus-tokyo (= 1.0.7)
  shotgun
  sinatra (= 1.2.6)
  thin
  warden (= 1.0.6)
  yui-compressor (= 0.9.3)
